GEM
  remote: https://rubygems.org/
  specs:
    activemodel (5.2.3)
      activesupport (= 5.2.3)
    activerecord (5.2.3)
      activemodel (= 5.2.3)
      activesupport (= 5.2.3)
      arel (>= 9.0)
    activesupport (5.2.3)
      concurrent-ruby (~> 1.0, >= 1.0.2)
      i18n (>= 0.7, < 2)
      minitest (~> 5.1)
      tzinfo (~> 1.1)
    addressable (2.6.0)
      public_suffix (>= 2.0.2, < 4.0)
    arel (9.0.0)
    ast (2.4.0)
    backports (3.13.0)
    bcrypt (3.1.12)
    concurrent-ruby (1.1.5)
    daemons (1.3.1)
    drb-websocket (0.5.1)
      faye-websocket
      rack
      thin
    eventmachine (1.2.7)
    faye-websocket (0.10.7)
      eventmachine (>= 0.12.0)
      websocket-driver (>= 0.5.1)
    ffi (1.10.0)
    haml (5.0.4)
      temple (>= 0.8.0)
      tilt
    hike (1.2.3)
    hyalite (0.3.0)
      opal
    i18n (1.6.0)
      concurrent-ruby (~> 1.0)
    kame-remocon (0.2.4)
      drb-websocket (~> 0.5)
      haml (~> 5.0)
      hyalite (~> 0.3)
      launchy (~> 2.4)
      opal (~> 0.11)
      opal-drb (~> 0.4)
      rake (~> 12.3)
      sass (~> 3.7)
      sinatra (~> 2.0)
      thin (~> 1.7)
    launchy (2.4.3)
      addressable (~> 2.3)
    menilite (0.5.4)
      opal
      sinatra-activerecord
    minitest (5.11.3)
    multi_json (1.13.1)
    mustermann (1.0.3)
    opal (0.11.4)
      ast (>= 2.3.0)
      hike (~> 1.2)
      parser (= 2.3.3.1)
      sourcemap (~> 0.1.0)
    opal-drb (0.4.1)
      opal
    opal-haml (0.4.5)
      haml
      opal (~> 0.10, < 0.12)
      opal-sprockets (~> 0.4.1)
    opal-sprockets (0.4.3.0.11.0.3.7)
      opal (~> 0.11.0)
      sprockets (~> 3.7)
      tilt (>= 1.4)
    parser (2.3.3.1)
      ast (~> 2.2)
    pg (1.1.4)
    public_suffix (3.0.3)
    rack (2.0.7)
    rack-protection (2.0.5)
      rack
    rake (12.3.2)
    rb-fsevent (0.10.3)
    rb-inotify (0.10.0)
      ffi (~> 1.0)
    sass (3.7.4)
      sass-listen (~> 4.0.0)
    sass-listen (4.0.0)
      rb-fsevent (~> 0.9, >= 0.9.4)
      rb-inotify (~> 0.9, >= 0.9.7)
    sinatra (2.0.5)
      mustermann (~> 1.0)
      rack (~> 2.0)
      rack-protection (= 2.0.5)
      tilt (~> 2.0)
    sinatra-activerecord (2.0.13)
      activerecord (>= 3.2)
      sinatra (>= 1.0)
    sinatra-contrib (2.0.5)
      backports (>= 2.8.2)
      multi_json
      mustermann (~> 1.0)
      rack-protection (= 2.0.5)
      sinatra (= 2.0.5)
      tilt (>= 1.3, < 3)
    sourcemap (0.1.1)
    sprockets (3.7.2)
      concurrent-ruby (~> 1.0)
      rack (> 1, < 3)
    sqlite3 (1.4.0)
    temple (0.8.1)
    thin (1.7.2)
      daemons (~> 1.0, >= 1.0.9)
      eventmachine (~> 1.0, >= 1.0.4)
      rack (>= 1, < 3)
    thread_safe (0.3.6)
    tilt (2.0.9)
    tzinfo (1.2.5)
      thread_safe (~> 0.1)
    websocket-driver (0.7.0)
      websocket-extensions (>= 0.1.0)
    websocket-extensions (0.1.3)

PLATFORMS
  ruby

DEPENDENCIES
  bcrypt
  haml
  hyalite
  kame-remocon
  menilite
  opal-haml
  pg
  rake
  sass
  sinatra
  sinatra-contrib
  sqlite3
  thin

BUNDLED WITH
   2.0.1
