GIT
  remote: https://github.com/janbiedermann/opal.git
  revision: cf344a7e8eaa77a6a0fe8403910c8dab5e8f7d92
  branch: es6_modules_1_1
  specs:
    opal (1.0.0)
      ast (>= 2.3.0)
      parser (= 2.5.3.0)

GEM
  remote: https://rubygems.org/
  specs:
    activemodel (5.2.3)
      activesupport (= 5.2.3)
    activerecord (5.2.3)
      activemodel (= 5.2.3)
      activesupport (= 5.2.3)
      arel (>= 9.0)
    activesupport (5.2.3)
      concurrent-ruby (~> 1.0, >= 1.0.2)
      i18n (>= 0.7, < 2)
      minitest (~> 5.1)
      tzinfo (~> 1.1)
    addressable (2.6.0)
      public_suffix (>= 2.0.2, < 4.0)
    arel (9.0.0)
    ast (2.4.0)
    backports (3.15.0)
    bcrypt (3.1.13)
    c_lexer (2.5.3.0.0)
      ast (~> 2.4.0)
      parser (= 2.5.3.0)
    concurrent-ruby (1.1.5)
    daemons (1.3.1)
    drb-websocket (0.5.1)
      faye-websocket
      rack
      thin
    eventmachine (1.2.7)
    faye-websocket (0.10.9)
      eventmachine (>= 0.12.0)
      websocket-driver (>= 0.5.1)
    ffi (1.11.1)
    goatmail (1.2.0)
      letter_opener (>= 1.5.0)
      sinatra
    haml (5.1.1)
      temple (>= 0.8.0)
      tilt
    hyalite (0.3.2)
      opal
    i18n (1.6.0)
      concurrent-ruby (~> 1.0)
    kame-remocon (0.2.9)
      drb-websocket (~> 0.5)
      haml (~> 5.0)
      hyalite (~> 0.3)
      launchy (~> 2.4)
      opal (~> 1.0)
      opal-drb (~> 0.4)
      opal-sprockets (~> 0.4.3)
      rake (~> 12.3)
      sass (~> 3.7)
      sinatra (~> 2.0)
      thin (~> 1.7)
    launchy (2.4.3)
      addressable (~> 2.3)
    letter_opener (1.7.0)
      launchy (~> 2.2)
    mail (2.7.1)
      mini_mime (>= 0.1.1)
    menilite (0.5.10)
      opal
      sinatra-activerecord
    mini_mime (1.0.2)
    minitest (5.11.3)
    multi_json (1.13.1)
    mustermann (1.0.3)
    oj (3.9.2)
    opal-drb (0.4.1)
      opal
    opal-haml (0.4.6)
      haml
      opal (>= 0.10, < 2)
      opal-sprockets (~> 0.4.1)
    opal-sprockets (0.4.6.1.0.3.7)
      opal (~> 1.0.0)
      sprockets (~> 3.7)
      tilt (>= 1.4)
    opal-webpack-loader (0.9.6)
      c_lexer
      oj (>= 3.7.0)
      opal (>= 1.0.0)
      thor (>= 0.19.4)
    parser (2.5.3.0)
      ast (~> 2.4.0)
    pg (1.1.4)
    pony (1.13.1)
      mail (>= 2.0)
    public_suffix (3.1.1)
    rack (2.2.3)
    rack-protection (2.0.5)
      rack
    rake (12.3.3)
    rb-fsevent (0.10.3)
    rb-inotify (0.10.0)
      ffi (~> 1.0)
    ruby_http_client (3.3.0)
    sass (3.7.4)
      sass-listen (~> 4.0.0)
    sass-listen (4.0.0)
      rb-fsevent (~> 0.9, >= 0.9.4)
      rb-inotify (~> 0.9, >= 0.9.7)
    sendgrid-ruby (6.0.0)
      ruby_http_client (~> 3.3.0)
    sinatra (2.0.5)
      mustermann (~> 1.0)
      rack (~> 2.0)
      rack-protection (= 2.0.5)
      tilt (~> 2.0)
    sinatra-activerecord (2.0.13)
      activerecord (>= 3.2)
      sinatra (>= 1.0)
    sinatra-contrib (2.0.5)
      backports (>= 2.8.2)
      multi_json
      mustermann (~> 1.0)
      rack-protection (= 2.0.5)
      sinatra (= 2.0.5)
      tilt (>= 1.3, < 3)
    sprockets (3.7.2)
      concurrent-ruby (~> 1.0)
      rack (> 1, < 3)
    sqlite3 (1.4.1)
    temple (0.8.1)
    thin (1.7.2)
      daemons (~> 1.0, >= 1.0.9)
      eventmachine (~> 1.0, >= 1.0.4)
      rack (>= 1, < 3)
    thor (0.20.3)
    thread_safe (0.3.6)
    tilt (2.0.9)
    tzinfo (1.2.5)
      thread_safe (~> 0.1)
    websocket-driver (0.7.1)
      websocket-extensions (>= 0.1.0)
    websocket-extensions (0.1.4)

PLATFORMS
  ruby

DEPENDENCIES
  bcrypt
  goatmail
  haml
  hyalite
  kame-remocon
  menilite
  opal!
  opal-haml
  opal-webpack-loader
  pg
  pony
  rake
  sass
  sendgrid-ruby
  sinatra
  sinatra-contrib
  sqlite3
  thin

BUNDLED WITH
   2.1.4
